GEM
  remote: https://rubygems.org/
  specs:
    docile (1.3.2)
    json (2.3.1)
    power_assert (1.1.5)
    rake (13.0.6)
    simplecov (0.17.1)
      docile (~> 1.1)
      json (>= 1.8, < 3)
      simplecov-html (~> 0.10.0)
    simplecov-html (0.10.2)
    simplecov-rcov (0.2.3)
      simplecov (>= 0.4.1)
    test-unit (3.3.4)
      power_assert

PLATFORMS
  ruby

DEPENDENCIES
  rake (~> 13.0)
  simplecov (~> 0.17.1)
  simplecov-rcov (~> 0.2.3)
  test-unit (~> 3.3)

BUNDLED WITH
   2.0.2
