GEM
  remote: https://rubygems.org/
  specs:
    docile (1.4.1)
    power_assert (2.0.0)
    rake (13.0.6)
    simplecov (0.22.0)
      docile (~> 1.1)
      simplecov-html (~> 0.11)
      simplecov_json_formatter (~> 0.1)
    simplecov-html (0.13.1)
    simplecov-rcov (0.2.3)
      simplecov (>= 0.4.1)
    simplecov_json_formatter (0.1.4)
    test-unit (3.4.4)
      power_assert

PLATFORMS
  ruby

DEPENDENCIES
  rake (~> 13.0)
  simplecov (~> 0.22.0)
  simplecov-rcov (~> 0.2.3)
  test-unit (~> 3.4)

BUNDLED WITH
   2.0.2
