GEM
  remote: https://rubygems.org/
  specs:
    docile (1.4.1)
    json (2.10.2)
    power_assert (2.0.0)
    rake (13.0.6)
    simplecov (0.17.1)
      docile (~> 1.1)
      json (>= 1.8, < 3)
      simplecov-html (~> 0.10.0)
    simplecov-html (0.10.2)
    simplecov-rcov (0.3.7)
      simplecov (>= 0.4.1)
    test-unit (3.4.4)
      power_assert

PLATFORMS
  ruby

DEPENDENCIES
  rake (~> 13.0)
  simplecov (~> 0.17.1)
  simplecov-rcov (~> 0.3.7)
  test-unit (~> 3.4)

BUNDLED WITH
   2.0.2
